GEM
  remote: http://rubygems.org/
  specs:
    aasm (2.3.1)
      activerecord
    abstract (1.0.0)
    actionmailer (3.0.9)
      actionpack (= 3.0.9)
      mail (~> 2.2.19)
    actionpack (3.0.9)
      activemodel (= 3.0.9)
      activesupport (= 3.0.9)
      builder (~> 2.1.2)
      erubis (~> 2.6.6)
      i18n (~> 0.5.0)
      rack (~> 1.2.1)
      rack-mount (~> 0.6.14)
      rack-test (~> 0.5.7)
      tzinfo (~> 0.3.23)
    activemodel (3.0.9)
      activesupport (= 3.0.9)
      builder (~> 2.1.2)
      i18n (~> 0.5.0)
    activerecord (3.0.9)
      activemodel (= 3.0.9)
      activesupport (= 3.0.9)
      arel (~> 2.0.10)
      tzinfo (~> 0.3.23)
    activeresource (3.0.9)
      activemodel (= 3.0.9)
      activesupport (= 3.0.9)
    activesupport (3.0.9)
    archive-tar-minitar (0.5.2)
    arel (2.0.10)
    builder (2.1.2)
    coderay (0.9.8)
    columnize (0.3.4)
    diff-lcs (1.1.2)
    differ (0.1.2)
    dye (0.1.3)
    erubis (2.6.6)
      abstract (>= 1.0.0)
    escape (0.0.4)
    factory_girl (1.3.3)
    factory_girl_rails (1.0)
      factory_girl (~> 1.3)
      rails (>= 3.0.0.beta4)
    faker (0.3.1)
    gravatar_image_tag (1.0.0.pre2)
    i18n (0.5.0)
    interactive_editor (0.0.10)
      spoon (>= 0.0.1)
    irt (1.2.10)
      differ (>= 0.1.1)
      dye (>= 0.1.3)
      prompter (>= 0.1.4)
    jquery-rails (1.0.14)
      railties (~> 3.0)
      thor (~> 0.14)
    linecache19 (0.5.12)
      ruby_core_source (>= 0.1.4)
    macaddr (1.4.0)
      systemu (~> 2.2.0)
    mail (2.2.19)
      activesupport (>= 2.3.6)
      i18n (>= 0.4.0)
      mime-types (~> 1.16)
      treetop (~> 1.4.8)
    method_source (0.6.7)
      ruby_parser (>= 2.3.1)
    mime-types (1.16)
    nifty-generators (0.4.6)
    nokogiri (1.5.0)
    polyglot (0.3.1)
    pr_geohash (1.0.0)
    prompter (0.1.5)
      dye (>= 0.1.1)
      yard (>= 0.6.3)
    pry (0.9.7.2)
      coderay (~> 0.9.8)
      method_source (~> 0.6.7)
      ruby_parser (>= 2.3.1)
      slop (~> 2.1.0)
    rack (1.2.3)
    rack-mount (0.6.14)
      rack (>= 1.0.0)
    rack-test (0.5.7)
      rack (>= 1.0)
    rails (3.0.9)
      actionmailer (= 3.0.9)
      actionpack (= 3.0.9)
      activerecord (= 3.0.9)
      activeresource (= 3.0.9)
      activesupport (= 3.0.9)
      bundler (~> 1.0)
      railties (= 3.0.9)
    rails3-jquery-autocomplete (1.0.4)
      rails (~> 3.0)
    railties (3.0.9)
      actionpack (= 3.0.9)
      activesupport (= 3.0.9)
      rake (>= 0.8.7)
      rdoc (~> 3.4)
      thor (~> 0.14.4)
    rake (0.9.2)
    rdoc (3.8)
    rsolr (0.12.1)
      builder (>= 2.1.2)
    rspec (2.6.0)
      rspec-core (~> 2.6.0)
      rspec-expectations (~> 2.6.0)
      rspec-mocks (~> 2.6.0)
    rspec-core (2.6.4)
    rspec-expectations (2.6.0)
      diff-lcs (~> 1.1.2)
    rspec-mocks (2.6.0)
    rspec-rails (2.6.1)
      actionpack (~> 3.0)
      activesupport (~> 3.0)
      railties (~> 3.0)
      rspec (~> 2.6.0)
    ruby-debug-base19 (0.11.25)
      columnize (>= 0.3.1)
      linecache19 (>= 0.5.11)
      ruby_core_source (>= 0.1.4)
    ruby-debug19 (0.11.6)
      columnize (>= 0.3.1)
      linecache19 (>= 0.5.11)
      ruby-debug-base19 (>= 0.11.19)
    ruby_core_source (0.1.5)
      archive-tar-minitar (>= 0.5.2)
    ruby_parser (2.3.1)
      sexp_processor (~> 3.0)
    sexp_processor (3.0.7)
    slop (2.1.0)
    spoon (0.0.1)
    spork (0.9.0.rc8)
    sqlite3 (1.3.3)
    sunspot (1.2.1)
      escape (= 0.0.4)
      pr_geohash (~> 1.0)
      rsolr (= 0.12.1)
    sunspot_rails (1.2.1)
      nokogiri
      sunspot (= 1.2.1)
    systemu (2.2.0)
    thor (0.14.6)
    treetop (1.4.9)
      polyglot (>= 0.3.1)
    tzinfo (0.3.29)
    uuid (2.3.4)
      macaddr (~> 1.0)
    webrat (0.7.1)
      nokogiri (>= 1.2.0)
      rack (>= 1.0)
      rack-test (>= 0.5.3)
    will_paginate (3.0.pre2)
    wirble (0.1.3)
    workflow (0.8.1)
    yard (0.7.3)

PLATFORMS
  ruby

DEPENDENCIES
  aasm
  factory_girl_rails (= 1.0)
  faker (= 0.3.1)
  gravatar_image_tag (= 1.0.0.pre2)
  interactive_editor
  irt
  jquery-rails (>= 1.0.12)
  nifty-generators
  pry
  rails (= 3.0.9)
  rails3-jquery-autocomplete
  rspec-rails (= 2.6.1)
  ruby-debug19
  spork (= 0.9.0.rc8)
  sqlite3
  sunspot
  sunspot_rails
  uuid
  webrat (= 0.7.1)
  will_paginate (= 3.0.pre2)
  wirble
  workflow
